GEM
  remote: https://rubygems.org/
  specs:
    ansi (1.5.0)
    builder (3.2.4)
    minitest (5.16.2)
    minitest-reporters (1.5.0)
      ansi
      builder
      minitest (>= 5.0)
      ruby-progressbar
    rake (13.0.1)
    ruby-progressbar (1.11.0)
    stamp (0.6.0)

PLATFORMS
  ruby

DEPENDENCIES
  minitest
  minitest-reporters
  rake
  stamp

RUBY VERSION
   ruby 2.7.2p137

BUNDLED WITH
   2.1.4
